NUGET
  remote: https://www.nuget.org/api/v2
    ScanRat (0.5)
